GEM
  remote: http://rubygems.org/
  specs:
    awesome_print (0.3.2)
    couchrest (1.0.1)
      json (>= 1.4.6)
      mime-types (>= 1.15)
      rest-client (>= 1.5.1)
    json (1.5.1)
    mime-types (1.16)
    rest-client (1.6.1)
      mime-types (>= 1.16)
    yajl-ruby (0.8.1)

PLATFORMS
  ruby

DEPENDENCIES
  awesome_print
  couchrest
  yajl-ruby
