GEM
  remote: http://rubygems.org/
  specs:
    aruba (0.2.2)
    awesome_print (0.3.2)
    bond (0.4.0)
    couchrest (1.0.1)
      json (>= 1.4.6)
      mime-types (>= 1.15)
      rest-client (>= 1.5.1)
    diff-lcs (1.1.2)
    json (1.5.1)
    mime-types (1.16)
    rest-client (1.6.1)
      mime-types (>= 1.16)
    ripl (0.3.2)
      bond (~> 0.4.0)
    rspec (2.5.0)
      rspec-core (~> 2.5.0)
      rspec-expectations (~> 2.5.0)
      rspec-mocks (~> 2.5.0)
    rspec-core (2.5.1)
    rspec-expectations (2.5.0)
      diff-lcs (~> 1.1.2)
    rspec-mocks (2.5.0)
    yajl-ruby (0.8.1)

PLATFORMS
  ruby

DEPENDENCIES
  aruba
  awesome_print
  bond
  couchrest
  ripl
  rspec
  yajl-ruby
